GEM
  remote: https://rubygems.org/
  specs:
    actionpack (4.0.0)
      activesupport (= 4.0.0)
      builder (~> 3.1.0)
      erubis (~> 2.7.0)
      rack (~> 1.5.2)
      rack-test (~> 0.6.2)
    activesupport (4.0.0)
      i18n (~> 0.6, >= 0.6.4)
      minitest (~> 4.2)
      multi_json (~> 1.3)
      thread_safe (~> 0.1)
      tzinfo (~> 0.3.37)
    atomic (1.1.14)
    builder (3.1.4)
    diff-lcs (1.2.4)
    erubis (2.7.0)
    hoe (2.16.1)
      rake (~> 0.8)
    hoe-bundler (1.2.0)
      hoe (>= 2.2.0)
    hoe-yard (0.1.2)
      yard (>= 0.2.3.1)
    i18n (0.6.5)
    i18n-inflector (2.6.7)
      i18n (>= 0.4.1)
    json (1.8.0)
    minitest (4.7.5)
    multi_json (1.8.0)
    rack (1.5.2)
    rack-test (0.6.2)
      rack (>= 1.0)
    railties (4.0.0)
      actionpack (= 4.0.0)
      activesupport (= 4.0.0)
      rake (>= 0.8.7)
      thor (>= 0.18.1, < 2.0)
    rake (0.9.6)
    rdoc (4.0.1)
      json (~> 1.4)
    rspec (2.14.1)
      rspec-core (~> 2.14.0)
      rspec-expectations (~> 2.14.0)
      rspec-mocks (~> 2.14.0)
    rspec-core (2.14.5)
    rspec-expectations (2.14.2)
      diff-lcs (>= 1.1.3, < 2.0)
    rspec-mocks (2.14.3)
    thor (0.18.1)
    thread_safe (0.1.3)
      atomic
    tzinfo (0.3.37)
    yard (0.8.7.1)

PLATFORMS
  ruby

DEPENDENCIES
  actionpack (>= 3.0.0)
  bundler (>= 1.0.10)
  hoe (~> 2.16)
  hoe-bundler (>= 1.1.0)
  hoe-yard (>= 0.1.2)
  i18n-inflector (~> 2.6)
  railties (>= 3.0.0)
  rdoc (>= 3.8.0)
  rspec (>= 2.6.0)
  yard (>= 0.7.2)
